STRATEGY: MAX
NUGET
  remote: https://www.nuget.org/api/v2
    Castle.Core (4.2.1)
      NETStandard.Library (>= 1.6.1) - framework: >= netstandard13
      System.Collections.Specialized (>= 4.3) - framework: >= netstandard13
      System.ComponentModel (>= 4.3) - framework: >= netstandard13
      System.ComponentModel.TypeConverter (>= 4.3) - framework: >= netstandard13
      System.Diagnostics.TraceSource (>= 4.3) - framework: >= netstandard13
      System.Dynamic.Runtime (>= 4.3) - framework: >= netstandard13
      System.Reflection (>= 4.3) - framework: >= netstandard13
      System.Reflection.Emit (>= 4.3) - framework: >= netstandard13
      System.Reflection.TypeExtensions (>= 4.3) - framework: >= netstandard13
      System.Xml.XmlDocument (>= 4.3) - framework: >= netstandard13
    Microsoft.CSharp (4.4) - framework: netstandard10, >= netstandard13
      NETStandard.Library (>= 1.6.1) - framework: dnxcore50, netstandard10, netstandard13
      System.Dynamic.Runtime (>= 4.3) - framework: dnxcore50, netstandard10, netstandard13
      System.Reflection.TypeExtensions (>= 4.3) - framework: dnxcore50, netstandard13
    Microsoft.Diagnostics.Tracing.EventSource.Redist (1.1.28) - framework: >= net451
    Microsoft.DotNet.InternalAbstractions (1.0.0) - version_in_path: true, framework: netcore10
    Microsoft.Extensions.DependencyModel (2.0.0) - version_in_path: true, framework: netcore10
    Microsoft.Net.Compilers (2.3.2)
    Microsoft.NET.Test.Sdk (15.3.0) - version_in_path: true, framework: netcore10
      Microsoft.TestPlatform.TestHost (>= 15.3)
    Microsoft.NETCore.Platforms (2.0) - framework: >= netstandard10
    Microsoft.NETCore.Targets (2.0) - framework: >= netstandard10
    Microsoft.Reactive.Testing (3.1.1)
      System.Reactive.PlatformServices (>= 3.1.1)
    Microsoft.TestPlatform.ObjectModel (15.3.0) - version_in_path: true, framework: netcore10
    Microsoft.TestPlatform.TestHost (15.3.0) - version_in_path: true, framework: netcore10
      Microsoft.Extensions.DependencyModel (>= 1.0.3) - framework: netcore10
      Microsoft.TestPlatform.ObjectModel (>= 15.3) - framework: netcore10
      Newtonsoft.Json (>= 9.0.1) - framework: netcore10
    Microsoft.Win32.Primitives (4.3) - framework: >= netstandard13
      Microsoft.NETCore.Platforms (>= 1.1) - framework: >= netstandard13
      Microsoft.NETCore.Targets (>= 1.1) - framework: >= netstandard13
      System.Runtime (>= 4.3) - framework: >= netstandard13
    Moq (4.7.142)
      Castle.Core (>= 4.2.1) - framework: >= net45, >= netstandard13
      NETStandard.Library (>= 1.6.1) - framework: >= netstandard13
      System.Linq.Queryable (>= 4.3) - framework: >= netstandard13
      System.Reflection.TypeExtensions (>= 4.3) - framework: >= netstandard13
    NETStandard.Library (2.0.1) - framework: >= netstandard10
      Microsoft.NETCore.Platforms (>= 1.1)
      Microsoft.Win32.Primitives (>= 4.3) - framework: net46, uap100, >= netstandard13
      System.AppContext (>= 4.3) - framework: net46, uap100, >= netstandard13
      System.Collections (>= 4.3) - framework: uap100, >= netstandard10
      System.Collections.Concurrent (>= 4.3) - framework: uap100, >= netstandard11
      System.Console (>= 4.3) - framework: net46, uap100, >= netstandard13
      System.Diagnostics.Debug (>= 4.3) - framework: uap100, >= netstandard10
      System.Diagnostics.Tools (>= 4.3) - framework: uap100, >= netstandard10
      System.Diagnostics.Tracing (>= 4.3) - framework: uap100, >= netstandard11
      System.Globalization (>= 4.3) - framework: uap100, >= netstandard10
      System.Globalization.Calendars (>= 4.3) - framework: net46, uap100, >= netstandard13
      System.IO (>= 4.3) - framework: uap100, >= netstandard10
      System.IO.Compression (>= 4.3) - framework: net46, uap100, >= netstandard11
      System.IO.Compression.ZipFile (>= 4.3) - framework: net46, uap100, >= netstandard13
      System.IO.FileSystem (>= 4.3) - framework: net46, uap100, >= netstandard13
      System.IO.FileSystem.Primitives (>= 4.3) - framework: net46, uap100, >= netstandard13
      System.Linq (>= 4.3) - framework: uap100, >= netstandard10
      System.Linq.Expressions (>= 4.3) - framework: uap100, >= netstandard10
      System.Net.Http (>= 4.3.2) - framework: net46, uap100, >= netstandard11
      System.Net.Primitives (>= 4.3) - framework: uap100, >= netstandard10
      System.Net.Sockets (>= 4.3) - framework: net46, uap100, >= netstandard13
      System.ObjectModel (>= 4.3) - framework: uap100, >= netstandard10
      System.Reflection (>= 4.3) - framework: uap100, >= netstandard10
      System.Reflection.Extensions (>= 4.3) - framework: uap100, >= netstandard10
      System.Reflection.Primitives (>= 4.3) - framework: uap100, >= netstandard10
      System.Resources.ResourceManager (>= 4.3) - framework: uap100, >= netstandard10
      System.Runtime (>= 4.3) - framework: uap100, >= netstandard10
      System.Runtime.Extensions (>= 4.3) - framework: uap100, >= netstandard10
      System.Runtime.Handles (>= 4.3) - framework: uap100, >= netstandard13
      System.Runtime.InteropServices (>= 4.3) - framework: uap100, >= netstandard11
      System.Runtime.InteropServices.RuntimeInformation (>= 4.3) - framework: net45, net451, net46, uap100, >= netstandard11, portable45-net45+win8+wpa81, portable46-net451+win81+wpa81, wpav8.1
      System.Runtime.Numerics (>= 4.3) - framework: uap100, >= netstandard11
      System.Security.Cryptography.Algorithms (>= 4.3) - framework: net46, uap100, >= netstandard13
      System.Security.Cryptography.Encoding (>= 4.3) - framework: net46, uap100, >= netstandard13
      System.Security.Cryptography.Primitives (>= 4.3) - framework: net46, uap100, >= netstandard13
      System.Security.Cryptography.X509Certificates (>= 4.3) - framework: net46, uap100, >= netstandard13
      System.Text.Encoding (>= 4.3) - framework: uap100, >= netstandard10
      System.Text.Encoding.Extensions (>= 4.3) - framework: uap100, >= netstandard10
      System.Text.RegularExpressions (>= 4.3) - framework: uap100, >= netstandard10
      System.Threading (>= 4.3) - framework: uap100, >= netstandard10
      System.Threading.Tasks (>= 4.3) - framework: uap100, >= netstandard10
      System.Threading.Timer (>= 4.3) - framework: uap100, >= netstandard12
      System.Xml.ReaderWriter (>= 4.3) - framework: net46, uap100, >= netstandard10
      System.Xml.XDocument (>= 4.3) - framework: uap100, >= netstandard10
    Newtonsoft.Json (10.0.3)
      Microsoft.CSharp (>= 4.3) - framework: netstandard10, >= netstandard13
      NETStandard.Library (>= 1.6.1) - framework: netstandard10, >= netstandard13
      System.ComponentModel.TypeConverter (>= 4.3) - framework: netstandard10, >= netstandard13
      System.Runtime.Serialization.Formatters (>= 4.3) - framework: >= netstandard13
      System.Runtime.Serialization.Primitives (>= 4.3) - framework: netstandard10, >= netstandard13
      System.Xml.XmlDocument (>= 4.3) - framework: >= netstandard13
    NuGet.CommandLine (4.3)
    RabbitMQ.Client (5.0.1)
      Microsoft.Diagnostics.Tracing.EventSource.Redist (>= 1.1.28) - framework: >= net451
      NETStandard.Library (>= 1.6.1) - framework: >= netstandard15
      System.Collections.Concurrent (>= 4.3) - framework: >= netstandard15
      System.Console (>= 4.3) - framework: >= netstandard15
      System.Diagnostics.Debug (>= 4.3) - framework: >= netstandard15
      System.Diagnostics.Tracing (>= 4.3) - framework: >= netstandard15
      System.IO (>= 4.3) - framework: >= netstandard15
      System.Linq (>= 4.3) - framework: >= netstandard15
      System.Net.NameResolution (>= 4.3) - framework: >= netstandard15
      System.Net.Security (>= 4.3) - framework: >= netstandard15
      System.Net.Sockets (>= 4.3) - framework: >= netstandard15
      System.Reflection.Extensions (>= 4.3) - framework: >= netstandard15
      System.Reflection.TypeExtensions (>= 4.3) - framework: >= netstandard15
      System.Runtime (>= 4.3) - framework: >= netstandard15
      System.Runtime.Extensions (>= 4.3) - framework: >= netstandard15
      System.Text.RegularExpressions (>= 4.3) - framework: >= netstandard15
      System.Threading (>= 4.3) - framework: >= netstandard15
      System.Threading.Thread (>= 4.3) - framework: >= netstandard15
      System.Threading.Timer (>= 4.3) - framework: >= netstandard15
    runtime.debian.8-x64.runtime.native.System.Security.Cryptography.OpenSsl (4.3.2) - framework: >= netstandard13
    runtime.fedora.23-x64.runtime.native.System.Security.Cryptography.OpenSsl (4.3.2) - framework: >= netstandard13
    runtime.fedora.24-x64.runtime.native.System.Security.Cryptography.OpenSsl (4.3.2) - framework: >= netstandard13
    runtime.native.System (4.3) - framework: >= netstandard11
      Microsoft.NETCore.Platforms (>= 1.1)
      Microsoft.NETCore.Targets (>= 1.1)
    runtime.native.System.IO.Compression (4.3.1) - framework: >= netstandard13
      Microsoft.NETCore.Platforms (>= 1.1)
      Microsoft.NETCore.Targets (>= 1.1.1)
    runtime.native.System.Net.Http (4.3) - framework: >= netstandard16
      Microsoft.NETCore.Platforms (>= 1.1)
      Microsoft.NETCore.Targets (>= 1.1)
    runtime.native.System.Net.Security (4.3) - framework: >= netstandard16
      Microsoft.NETCore.Platforms (>= 1.1)
      Microsoft.NETCore.Targets (>= 1.1)
    runtime.native.System.Security.Cryptography.Apple (4.3.1) - framework: >= netstandard16
      runtime.osx.10.10-x64.runtime.native.System.Security.Cryptography.Apple (>= 4.3.1)
    runtime.native.System.Security.Cryptography.OpenSsl (4.3.2) - framework: >= netstandard13
      runtime.debian.8-x64.runtime.native.System.Security.Cryptography.OpenSsl (>= 4.3.2)
      runtime.fedora.23-x64.runtime.native.System.Security.Cryptography.OpenSsl (>= 4.3.2)
      runtime.fedora.24-x64.runtime.native.System.Security.Cryptography.OpenSsl (>= 4.3.2)
      runtime.opensuse.13.2-x64.runtime.native.System.Security.Cryptography.OpenSsl (>= 4.3.2)
      runtime.opensuse.42.1-x64.runtime.native.System.Security.Cryptography.OpenSsl (>= 4.3.2)
      runtime.osx.10.10-x64.runtime.native.System.Security.Cryptography.OpenSsl (>= 4.3.2)
      runtime.rhel.7-x64.runtime.native.System.Security.Cryptography.OpenSsl (>= 4.3.2)
      runtime.ubuntu.14.04-x64.runtime.native.System.Security.Cryptography.OpenSsl (>= 4.3.2)
      runtime.ubuntu.16.04-x64.runtime.native.System.Security.Cryptography.OpenSsl (>= 4.3.2)
      runtime.ubuntu.16.10-x64.runtime.native.System.Security.Cryptography.OpenSsl (>= 4.3.2)
    runtime.opensuse.13.2-x64.runtime.native.System.Security.Cryptography.OpenSsl (4.3.2) - framework: >= netstandard13
    runtime.opensuse.42.1-x64.runtime.native.System.Security.Cryptography.OpenSsl (4.3.2) - framework: >= netstandard13
    runtime.osx.10.10-x64.runtime.native.System.Security.Cryptography.Apple (4.3.1) - framework: >= netstandard16
    runtime.osx.10.10-x64.runtime.native.System.Security.Cryptography.OpenSsl (4.3.2) - framework: >= netstandard13
    runtime.rhel.7-x64.runtime.native.System.Security.Cryptography.OpenSsl (4.3.2) - framework: >= netstandard13
    runtime.ubuntu.14.04-x64.runtime.native.System.Security.Cryptography.OpenSsl (4.3.2) - framework: >= netstandard13
    runtime.ubuntu.16.04-x64.runtime.native.System.Security.Cryptography.OpenSsl (4.3.2) - framework: >= netstandard13
    runtime.ubuntu.16.10-x64.runtime.native.System.Security.Cryptography.OpenSsl (4.3.2) - framework: >= netstandard13
    System.AppContext (4.3) - framework: >= netstandard13
      System.Runtime (>= 4.3) - framework: dnxcore50, netstandard13, >= netstandard16
    System.Buffers (4.4) - framework: >= netstandard13
    System.Collections (4.3) - framework: >= netstandard10
      Microsoft.NETCore.Platforms (>= 1.1) - framework: dnxcore50, netstandard10, >= netstandard13
      Microsoft.NETCore.Targets (>= 1.1) - framework: dnxcore50, netstandard10, >= netstandard13
      System.Runtime (>= 4.3) - framework: dnxcore50, netstandard10, >= netstandard13
    System.Collections.Concurrent (4.3) - framework: >= netstandard11
      System.Collections (>= 4.3) - framework: dnxcore50, >= netstandard13
      System.Diagnostics.Debug (>= 4.3) - framework: dnxcore50, >= netstandard13
      System.Diagnostics.Tracing (>= 4.3) - framework: dnxcore50, >= netstandard13
      System.Globalization (>= 4.3) - framework: dnxcore50, >= netstandard13
      System.Reflection (>= 4.3) - framework: >= netstandard13
      System.Resources.ResourceManager (>= 4.3) - framework: dnxcore50, >= netstandard13
      System.Runtime (>= 4.3) - framework: dnxcore50, netstandard11, >= netstandard13
      System.Runtime.Extensions (>= 4.3) - framework: dnxcore50, >= netstandard13
      System.Threading (>= 4.3) - framework: dnxcore50, >= netstandard13
      System.Threading.Tasks (>= 4.3) - framework: dnxcore50, netstandard11, >= netstandard13
    System.Collections.NonGeneric (4.3) - framework: >= netstandard13
      System.Diagnostics.Debug (>= 4.3) - framework: >= netstandard13
      System.Globalization (>= 4.3) - framework: >= netstandard13
      System.Resources.ResourceManager (>= 4.3) - framework: >= netstandard13
      System.Runtime (>= 4.3) - framework: >= netstandard13
      System.Runtime.Extensions (>= 4.3) - framework: >= netstandard13
      System.Threading (>= 4.3) - framework: >= netstandard13
    System.Collections.Specialized (4.3) - framework: >= netstandard13
      System.Collections.NonGeneric (>= 4.3) - framework: >= netstandard13
      System.Globalization (>= 4.3) - framework: >= netstandard13
      System.Globalization.Extensions (>= 4.3) - framework: >= netstandard13
      System.Resources.ResourceManager (>= 4.3) - framework: >= netstandard13
      System.Runtime (>= 4.3) - framework: >= netstandard13
      System.Runtime.Extensions (>= 4.3) - framework: >= netstandard13
      System.Threading (>= 4.3) - framework: >= netstandard13
    System.ComponentModel (4.3) - framework: >= netstandard10, netcore10
      System.Runtime (>= 4.3) - framework: dnxcore50, netstandard10, >= netstandard13
    System.ComponentModel.Primitives (4.3) - framework: netstandard10, >= netstandard15
      System.ComponentModel (>= 4.3) - framework: >= netstandard10
      System.Resources.ResourceManager (>= 4.3) - framework: >= netstandard10
      System.Runtime (>= 4.3) - framework: >= netstandard10
    System.ComponentModel.TypeConverter (4.3) - framework: netstandard10, >= netstandard13
      System.Collections (>= 4.3) - framework: netstandard10, >= netstandard15
      System.Collections.NonGeneric (>= 4.3) - framework: >= net462, >= netstandard15
      System.Collections.Specialized (>= 4.3) - framework: >= netstandard15
      System.ComponentModel (>= 4.3) - framework: netstandard10, >= netstandard15
      System.ComponentModel.Primitives (>= 4.3) - framework: net45, >= net462, netstandard10, >= netstandard15, winv4.5, wpv8.0, wpav8.1
      System.Globalization (>= 4.3) - framework: netstandard10, >= netstandard15
      System.Linq (>= 4.3) - framework: >= netstandard15
      System.Reflection (>= 4.3) - framework: netstandard10, >= netstandard15
      System.Reflection.Extensions (>= 4.3) - framework: netstandard10, >= netstandard15
      System.Reflection.Primitives (>= 4.3) - framework: netstandard10, >= netstandard15
      System.Reflection.TypeExtensions (>= 4.3) - framework: >= netstandard15
      System.Resources.ResourceManager (>= 4.3) - framework: netstandard10, >= netstandard15
      System.Runtime (>= 4.3) - framework: netstandard10, >= netstandard15
      System.Runtime.Extensions (>= 4.3) - framework: netstandard10, >= netstandard15
      System.Threading (>= 4.3) - framework: netstandard10, >= netstandard15
    System.Console (4.3) - framework: >= netstandard13
      Microsoft.NETCore.Platforms (>= 1.1) - framework: >= netstandard13
      Microsoft.NETCore.Targets (>= 1.1) - framework: >= netstandard13
      System.IO (>= 4.3) - framework: >= netstandard13
      System.Runtime (>= 4.3) - framework: >= netstandard13
      System.Text.Encoding (>= 4.3) - framework: >= netstandard13
    System.Diagnostics.Contracts (4.3) - framework: >= netstandard10, netcore10
      System.Runtime (>= 4.3) - framework: dnxcore50, >= netstandard10
    System.Diagnostics.Debug (4.3) - framework: >= netstandard10
      Microsoft.NETCore.Platforms (>= 1.1) - framework: dnxcore50, netstandard10, >= netstandard13
      Microsoft.NETCore.Targets (>= 1.1) - framework: dnxcore50, netstandard10, >= netstandard13
      System.Runtime (>= 4.3) - framework: dnxcore50, netstandard10, >= netstandard13
    System.Diagnostics.DiagnosticSource (4.4.1) - framework: netstandard13, >= netstandard16
      System.Collections (>= 4.3) - framework: netstandard11, >= netstandard13
      System.Diagnostics.Debug (>= 4.3) - framework: >= netstandard13
      System.Diagnostics.Tracing (>= 4.3) - framework: netstandard11, >= netstandard13
      System.Reflection (>= 4.3) - framework: netstandard11, >= netstandard13
      System.Runtime (>= 4.3) - framework: netstandard11, >= netstandard13
      System.Runtime.Extensions (>= 4.3) - framework: >= netstandard13
      System.Threading (>= 4.3) - framework: netstandard11, >= netstandard13
    System.Diagnostics.Tools (4.3) - framework: >= netstandard10
      Microsoft.NETCore.Platforms (>= 1.1) - framework: dnxcore50, >= netstandard10
      Microsoft.NETCore.Targets (>= 1.1) - framework: dnxcore50, >= netstandard10
      System.Runtime (>= 4.3) - framework: dnxcore50, >= netstandard10
    System.Diagnostics.TraceSource (4.3) - framework: >= netstandard13
      Microsoft.NETCore.Platforms (>= 1.1) - framework: >= netstandard13
      runtime.native.System (>= 4.3) - framework: >= netstandard13
      System.Collections (>= 4.3) - framework: >= netstandard13
      System.Diagnostics.Debug (>= 4.3) - framework: >= netstandard13
      System.Globalization (>= 4.3) - framework: >= netstandard13
      System.Resources.ResourceManager (>= 4.3) - framework: >= netstandard13
      System.Runtime (>= 4.3) - framework: >= netstandard13
      System.Runtime.Extensions (>= 4.3) - framework: >= netstandard13
      System.Threading (>= 4.3) - framework: >= netstandard13
    System.Diagnostics.Tracing (4.3) - framework: >= netstandard11
      Microsoft.NETCore.Platforms (>= 1.1) - framework: dnxcore50, netstandard11, netstandard12, netstandard13, >= netstandard15
      Microsoft.NETCore.Targets (>= 1.1) - framework: dnxcore50, netstandard11, netstandard12, netstandard13, >= netstandard15
      System.Runtime (>= 4.3) - framework: dnxcore50, netstandard11, netstandard12, netstandard13, >= netstandard15
    System.Dynamic.Runtime (4.3) - framework: >= netstandard10, netcore10
      System.Collections (>= 4.3) - framework: dnxcore50, >= netstandard13
      System.Diagnostics.Debug (>= 4.3) - framework: dnxcore50, >= netstandard13
      System.Linq (>= 4.3) - framework: dnxcore50, >= netstandard13
      System.Linq.Expressions (>= 4.3) - framework: dnxcore50, netstandard10, >= netstandard13
      System.ObjectModel (>= 4.3) - framework: dnxcore50, netstandard10, >= netstandard13
      System.Reflection (>= 4.3) - framework: dnxcore50, netstandard10, >= netstandard13
      System.Reflection.Emit (>= 4.3) - framework: >= netstandard13
      System.Reflection.Emit.ILGeneration (>= 4.3) - framework: >= netstandard13
      System.Reflection.Primitives (>= 4.3) - framework: >= netstandard13
      System.Reflection.TypeExtensions (>= 4.3) - framework: dnxcore50, >= netstandard13
      System.Resources.ResourceManager (>= 4.3) - framework: dnxcore50, >= netstandard13
      System.Runtime (>= 4.3) - framework: dnxcore50, netstandard10, >= netstandard13
      System.Runtime.Extensions (>= 4.3) - framework: dnxcore50, >= netstandard13
      System.Threading (>= 4.3) - framework: dnxcore50, >= netstandard13
    System.Globalization (4.3) - framework: >= netstandard10
      Microsoft.NETCore.Platforms (>= 1.1) - framework: dnxcore50, netstandard10, >= netstandard13
      Microsoft.NETCore.Targets (>= 1.1) - framework: dnxcore50, netstandard10, >= netstandard13
      System.Runtime (>= 4.3) - framework: dnxcore50, netstandard10, >= netstandard13
    System.Globalization.Calendars (4.3) - framework: >= netstandard13
      Microsoft.NETCore.Platforms (>= 1.1) - framework: >= netstandard13
      Microsoft.NETCore.Targets (>= 1.1) - framework: >= netstandard13
      System.Globalization (>= 4.3) - framework: >= netstandard13
      System.Runtime (>= 4.3) - framework: >= netstandard13
    System.Globalization.Extensions (4.3) - framework: >= netstandard13
      Microsoft.NETCore.Platforms (>= 1.1) - framework: >= netstandard13
      System.Globalization (>= 4.3) - framework: >= netstandard13
      System.Resources.ResourceManager (>= 4.3) - framework: >= netstandard13
      System.Runtime (>= 4.3) - framework: >= netstandard13
      System.Runtime.Extensions (>= 4.3) - framework: >= netstandard13
      System.Runtime.InteropServices (>= 4.3) - framework: >= netstandard13
    System.IO (4.3) - framework: >= netstandard10
      Microsoft.NETCore.Platforms (>= 1.1) - framework: dnxcore50, netstandard10, netstandard13, >= netstandard15
      Microsoft.NETCore.Targets (>= 1.1) - framework: dnxcore50, netstandard10, netstandard13, >= netstandard15
      System.Runtime (>= 4.3) - framework: dnxcore50, netstandard10, netstandard13, >= netstandard15
      System.Text.Encoding (>= 4.3) - framework: dnxcore50, netstandard10, netstandard13, >= netstandard15
      System.Threading.Tasks (>= 4.3) - framework: dnxcore50, netstandard10, netstandard13, >= netstandard15
    System.IO.Compression (4.3) - framework: >= netstandard11
      Microsoft.NETCore.Platforms (>= 1.1) - framework: >= netstandard13
      runtime.native.System (>= 4.3) - framework: >= netstandard13
      runtime.native.System.IO.Compression (>= 4.3) - framework: dnxcore50, >= netstandard13
      System.Buffers (>= 4.3) - framework: dnxcore50, >= netstandard13
      System.Collections (>= 4.3) - framework: dnxcore50, >= netstandard13
      System.Diagnostics.Debug (>= 4.3) - framework: dnxcore50, >= netstandard13
      System.IO (>= 4.3) - framework: dnxcore50, netstandard11, >= netstandard13
      System.Resources.ResourceManager (>= 4.3) - framework: dnxcore50, >= netstandard13
      System.Runtime (>= 4.3) - framework: dnxcore50, netstandard11, >= netstandard13
      System.Runtime.Extensions (>= 4.3) - framework: dnxcore50, >= netstandard13
      System.Runtime.Handles (>= 4.3) - framework: dnxcore50, >= netstandard13
      System.Runtime.InteropServices (>= 4.3) - framework: dnxcore50, >= netstandard13
      System.Text.Encoding (>= 4.3) - framework: dnxcore50, netstandard11, >= netstandard13
      System.Threading (>= 4.3) - framework: dnxcore50, >= netstandard13
      System.Threading.Tasks (>= 4.3) - framework: dnxcore50, >= netstandard13
    System.IO.Compression.ZipFile (4.3) - framework: >= netstandard13
      System.Buffers (>= 4.3) - framework: >= netstandard13
      System.IO (>= 4.3) - framework: >= netstandard13
      System.IO.Compression (>= 4.3) - framework: >= netstandard13
      System.IO.FileSystem (>= 4.3) - framework: >= netstandard13
      System.IO.FileSystem.Primitives (>= 4.3) - framework: >= netstandard13
      System.Resources.ResourceManager (>= 4.3) - framework: >= netstandard13
      System.Runtime (>= 4.3) - framework: >= netstandard13
      System.Runtime.Extensions (>= 4.3) - framework: >= netstandard13
      System.Text.Encoding (>= 4.3) - framework: >= netstandard13
    System.IO.FileSystem (4.3) - framework: >= netstandard13
      Microsoft.NETCore.Platforms (>= 1.1) - framework: >= netstandard13
      Microsoft.NETCore.Targets (>= 1.1) - framework: >= netstandard13
      System.IO (>= 4.3) - framework: >= netstandard13
      System.IO.FileSystem.Primitives (>= 4.3) - framework: >= net46, >= netstandard13
      System.Runtime (>= 4.3) - framework: >= netstandard13
      System.Runtime.Handles (>= 4.3) - framework: >= netstandard13
      System.Text.Encoding (>= 4.3) - framework: >= netstandard13
      System.Threading.Tasks (>= 4.3) - framework: >= netstandard13
    System.IO.FileSystem.Primitives (4.3) - framework: >= netstandard13
      System.Runtime (>= 4.3) - framework: >= netstandard13
    System.Linq (4.3) - framework: >= netstandard10
      System.Collections (>= 4.3) - framework: dnxcore50, netstandard10, >= netstandard16
      System.Diagnostics.Debug (>= 4.3) - framework: dnxcore50, >= netstandard16
      System.Resources.ResourceManager (>= 4.3) - framework: dnxcore50, >= netstandard16
      System.Runtime (>= 4.3) - framework: dnxcore50, netstandard10, >= netstandard16
      System.Runtime.Extensions (>= 4.3) - framework: dnxcore50, >= netstandard16
    System.Linq.Expressions (4.3) - framework: >= netstandard10
      System.Collections (>= 4.3) - framework: dnxcore50, >= netstandard16
      System.Diagnostics.Debug (>= 4.3) - framework: dnxcore50, >= netstandard16
      System.Globalization (>= 4.3) - framework: dnxcore50, >= netstandard16
      System.IO (>= 4.3) - framework: dnxcore50, >= netstandard16
      System.Linq (>= 4.3) - framework: dnxcore50, >= netstandard16
      System.ObjectModel (>= 4.3) - framework: >= netstandard16
      System.Reflection (>= 4.3) - framework: dnxcore50, netstandard10, netstandard13, >= netstandard16
      System.Reflection.Emit (>= 4.3) - framework: >= netstandard16
      System.Reflection.Emit.ILGeneration (>= 4.3) - framework: dnxcore50, >= netstandard16
      System.Reflection.Emit.Lightweight (>= 4.3) - framework: dnxcore50, >= netstandard16
      System.Reflection.Extensions (>= 4.3) - framework: dnxcore50, >= netstandard16
      System.Reflection.Primitives (>= 4.3) - framework: dnxcore50, >= netstandard16
      System.Reflection.TypeExtensions (>= 4.3) - framework: dnxcore50, >= netstandard16
      System.Resources.ResourceManager (>= 4.3) - framework: dnxcore50, >= netstandard16
      System.Runtime (>= 4.3) - framework: dnxcore50, netstandard10, netstandard13, >= netstandard16
      System.Runtime.Extensions (>= 4.3) - framework: dnxcore50, >= netstandard16
      System.Threading (>= 4.3) - framework: dnxcore50, >= netstandard16
    System.Linq.Queryable (4.3) - framework: >= netstandard13
      System.Collections (>= 4.3) - framework: dnxcore50, >= netstandard13
      System.Diagnostics.Debug (>= 4.3) - framework: dnxcore50, >= netstandard13
      System.Linq (>= 4.3) - framework: dnxcore50, netstandard10, >= netstandard13
      System.Linq.Expressions (>= 4.3) - framework: dnxcore50, netstandard10, >= netstandard13
      System.Reflection (>= 4.3) - framework: dnxcore50, >= netstandard13
      System.Reflection.Extensions (>= 4.3) - framework: dnxcore50, >= netstandard13
      System.Resources.ResourceManager (>= 4.3) - framework: dnxcore50, >= netstandard13
      System.Runtime (>= 4.3) - framework: dnxcore50, netstandard10, >= netstandard13
    System.Net.Http (4.3.3) - framework: >= netstandard11
      Microsoft.NETCore.Platforms (>= 1.1) - framework: dnxcore50, netstandard13, >= netstandard16
      Microsoft.Win32.Primitives (>= 4.3) - framework: netstandard13
      runtime.native.System (>= 4.3) - framework: >= netstandard16
      runtime.native.System.Net.Http (>= 4.3) - framework: >= netstandard16
      runtime.native.System.Security.Cryptography.OpenSsl (>= 4.3.2) - framework: >= netstandard16
      System.Collections (>= 4.3) - framework: dnxcore50, netstandard13, >= netstandard16
      System.Diagnostics.Debug (>= 4.3) - framework: dnxcore50, netstandard13, >= netstandard16
      System.Diagnostics.DiagnosticSource (>= 4.3) - framework: dnxcore50, netstandard13, >= netstandard16
      System.Diagnostics.Tracing (>= 4.3) - framework: dnxcore50, netstandard13, >= netstandard16
      System.Globalization (>= 4.3) - framework: dnxcore50, netstandard13, >= netstandard16
      System.Globalization.Extensions (>= 4.3) - framework: >= netstandard16
      System.IO (>= 4.3) - framework: dnxcore50, netstandard11, netstandard13, >= netstandard16
      System.IO.Compression (>= 4.3) - framework: netstandard13
      System.IO.FileSystem (>= 4.3) - framework: >= netstandard16
      System.Net.Primitives (>= 4.3) - framework: dnxcore50, netstandard11, netstandard13, >= netstandard16
      System.Resources.ResourceManager (>= 4.3) - framework: dnxcore50, netstandard13, >= netstandard16
      System.Runtime (>= 4.3) - framework: dnxcore50, netstandard11, netstandard13, >= netstandard16
      System.Runtime.Extensions (>= 4.3) - framework: dnxcore50, netstandard13, >= netstandard16
      System.Runtime.Handles (>= 4.3) - framework: netstandard13, >= netstandard16
      System.Runtime.InteropServices (>= 4.3) - framework: dnxcore50, netstandard13, >= netstandard16
      System.Security.Cryptography.Algorithms (>= 4.3) - framework: >= netstandard16
      System.Security.Cryptography.Encoding (>= 4.3) - framework: netstandard13, >= netstandard16
      System.Security.Cryptography.OpenSsl (>= 4.3) - framework: >= netstandard16
      System.Security.Cryptography.Primitives (>= 4.3) - framework: >= netstandard16
      System.Security.Cryptography.X509Certificates (>= 4.3) - framework: >= net46, dnxcore50, netstandard13, >= netstandard16
      System.Text.Encoding (>= 4.3) - framework: dnxcore50, netstandard11, netstandard13, >= netstandard16
      System.Threading (>= 4.3) - framework: dnxcore50, netstandard13, >= netstandard16
      System.Threading.Tasks (>= 4.3) - framework: dnxcore50, netstandard11, netstandard13, >= netstandard16
    System.Net.NameResolution (4.3) - framework: >= netstandard15
      Microsoft.NETCore.Platforms (>= 1.1) - framework: dnxcore50, >= netstandard13
      runtime.native.System (>= 4.3) - framework: >= netstandard13
      System.Collections (>= 4.3) - framework: dnxcore50, >= netstandard13
      System.Diagnostics.Tracing (>= 4.3) - framework: dnxcore50, >= netstandard13
      System.Globalization (>= 4.3) - framework: dnxcore50, >= netstandard13
      System.Net.Primitives (>= 4.3) - framework: dnxcore50, >= netstandard13
      System.Resources.ResourceManager (>= 4.3) - framework: dnxcore50, >= netstandard13
      System.Runtime (>= 4.3) - framework: dnxcore50, >= netstandard13
      System.Runtime.Extensions (>= 4.3) - framework: dnxcore50, >= netstandard13
      System.Runtime.Handles (>= 4.3) - framework: dnxcore50, >= netstandard13
      System.Runtime.InteropServices (>= 4.3) - framework: dnxcore50, >= netstandard13
      System.Security.Principal.Windows (>= 4.3) - framework: >= netstandard13
      System.Threading (>= 4.3) - framework: dnxcore50, >= netstandard13
      System.Threading.Tasks (>= 4.3) - framework: dnxcore50, >= netstandard13
    System.Net.Primitives (4.3) - framework: >= netstandard10
      Microsoft.NETCore.Platforms (>= 1.1) - framework: dnxcore50, netstandard10, netstandard11, >= netstandard13
      Microsoft.NETCore.Targets (>= 1.1) - framework: dnxcore50, netstandard10, netstandard11, >= netstandard13
      System.Runtime (>= 4.3) - framework: dnxcore50, netstandard10, netstandard11, >= netstandard13
      System.Runtime.Handles (>= 4.3) - framework: dnxcore50, >= netstandard13
    System.Net.Security (4.3.2) - framework: >= netstandard15
      Microsoft.NETCore.Platforms (>= 1.1) - framework: netstandard13, >= netstandard16
      Microsoft.Win32.Primitives (>= 4.3) - framework: netstandard13, >= netstandard16
      runtime.native.System (>= 4.3) - framework: >= netstandard16
      runtime.native.System.Net.Security (>= 4.3) - framework: >= netstandard16
      runtime.native.System.Security.Cryptography.OpenSsl (>= 4.3.2) - framework: >= netstandard16
      System.Collections (>= 4.3) - framework: netstandard13, >= netstandard16
      System.Collections.Concurrent (>= 4.3) - framework: netstandard13, >= netstandard16
      System.Diagnostics.Tracing (>= 4.3) - framework: netstandard13, >= netstandard16
      System.Globalization (>= 4.3) - framework: netstandard13, >= netstandard16
      System.Globalization.Extensions (>= 4.3) - framework: >= netstandard16
      System.IO (>= 4.3) - framework: netstandard13, >= netstandard16
      System.Net.Primitives (>= 4.3) - framework: netstandard13, >= netstandard16
      System.Resources.ResourceManager (>= 4.3) - framework: netstandard13, >= netstandard16
      System.Runtime (>= 4.3) - framework: netstandard13, >= netstandard16
      System.Runtime.Extensions (>= 4.3) - framework: netstandard13, >= netstandard16
      System.Runtime.Handles (>= 4.3) - framework: netstandard13, >= netstandard16
      System.Runtime.InteropServices (>= 4.3) - framework: netstandard13, >= netstandard16
      System.Security.Claims (>= 4.3) - framework: netstandard13, >= netstandard16
      System.Security.Cryptography.Algorithms (>= 4.3) - framework: >= netstandard16
      System.Security.Cryptography.Encoding (>= 4.3) - framework: netstandard13, >= netstandard16
      System.Security.Cryptography.OpenSsl (>= 4.3) - framework: >= netstandard16
      System.Security.Cryptography.Primitives (>= 4.3) - framework: netstandard13, >= netstandard16
      System.Security.Cryptography.X509Certificates (>= 4.3) - framework: >= net46, netstandard13, >= netstandard16
      System.Security.Principal (>= 4.3) - framework: netstandard13, >= netstandard16
      System.Text.Encoding (>= 4.3) - framework: >= netstandard16
      System.Threading (>= 4.3) - framework: netstandard13, >= netstandard16
      System.Threading.Tasks (>= 4.3) - framework: netstandard13, >= netstandard16
      System.Threading.ThreadPool (>= 4.3) - framework: netstandard13, >= netstandard16
    System.Net.Sockets (4.3) - framework: >= netstandard13
      Microsoft.NETCore.Platforms (>= 1.1) - framework: >= netstandard13
      Microsoft.NETCore.Targets (>= 1.1) - framework: >= netstandard13
      System.IO (>= 4.3) - framework: >= netstandard13
      System.Net.Primitives (>= 4.3) - framework: >= netstandard13
      System.Runtime (>= 4.3) - framework: >= netstandard13
      System.Threading.Tasks (>= 4.3) - framework: >= netstandard13
    System.ObjectModel (4.3) - framework: >= netstandard10
      System.Collections (>= 4.3) - framework: dnxcore50, >= netstandard13
      System.Diagnostics.Debug (>= 4.3) - framework: dnxcore50, >= netstandard13
      System.Resources.ResourceManager (>= 4.3) - framework: dnxcore50, >= netstandard13
      System.Runtime (>= 4.3) - framework: dnxcore50, netstandard10, >= netstandard13
      System.Threading (>= 4.3) - framework: dnxcore50, >= netstandard13
    System.Reactive (3.1.1)
      System.Reactive.PlatformServices (>= 3.1.1)
      System.Reactive.Windows.Threading (>= 3.1.1) - framework: >= net45, winv4.5.1, wpav8.1
      System.Reactive.WindowsRuntime (>= 3.1.1) - framework: winv4.5.1, wpav8.1
    System.Reactive.Core (3.1.1)
      System.ComponentModel (>= 4.0.1) - framework: >= netstandard10, netcore10
      System.Diagnostics.Contracts (>= 4.0.1) - framework: >= netstandard10, netcore10
      System.Dynamic.Runtime (>= 4.0.11) - framework: >= netstandard10, netcore10
      System.Reactive.Interfaces (>= 3.1.1) - framework: >= net45, >= netstandard10, netcore10
      System.Threading.Thread (>= 4.0) - framework: netcore10
      System.Threading.ThreadPool (>= 4.0.10) - framework: netcore10
    System.Reactive.Interfaces (3.1.1)
      NETStandard.Library (>= 1.6) - framework: >= netstandard10
    System.Reactive.Linq (3.1.1)
      System.Reactive.Core (>= 3.1.1) - framework: >= net45, >= netstandard10
      System.Runtime.InteropServices.WindowsRuntime (>= 4.0.1) - framework: >= netstandard10
    System.Reactive.PlatformServices (3.1.1)
      System.Reactive.Linq (>= 3.1.1)
    System.Reactive.Windows.Threading (3.1.1)
      System.Reactive.Core (>= 3.1.1)
    System.Reactive.WindowsRuntime (3.1.1) - framework: winv4.5.1, wpav8.1
      System.Reactive.Linq (>= 3.1.1)
    System.Reflection (4.3) - framework: >= netstandard10
      Microsoft.NETCore.Platforms (>= 1.1) - framework: dnxcore50, netstandard10, netstandard13, >= netstandard15
      Microsoft.NETCore.Targets (>= 1.1) - framework: dnxcore50, netstandard10, netstandard13, >= netstandard15
      System.IO (>= 4.3) - framework: dnxcore50, netstandard10, netstandard13, >= netstandard15
      System.Reflection.Primitives (>= 4.3) - framework: dnxcore50, netstandard10, netstandard13, >= netstandard15
      System.Runtime (>= 4.3) - framework: dnxcore50, netstandard10, netstandard13, >= netstandard15
    System.Reflection.Emit (4.3) - framework: >= netstandard13
      System.IO (>= 4.3) - framework: >= netstandard11
      System.Reflection (>= 4.3) - framework: >= netstandard11
      System.Reflection.Emit.ILGeneration (>= 4.3) - framework: >= netstandard11
      System.Reflection.Primitives (>= 4.3) - framework: >= netstandard11
      System.Runtime (>= 4.3) - framework: >= netstandard11
    System.Reflection.Emit.ILGeneration (4.3) - framework: >= netstandard13
      System.Reflection (>= 4.3) - framework: >= netstandard10
      System.Reflection.Primitives (>= 4.3) - framework: >= netstandard10
      System.Runtime (>= 4.3) - framework: >= netstandard10
    System.Reflection.Emit.Lightweight (4.3) - framework: >= netstandard16
      System.Reflection (>= 4.3) - framework: >= netstandard10
      System.Reflection.Emit.ILGeneration (>= 4.3) - framework: >= netstandard10
      System.Reflection.Primitives (>= 4.3) - framework: >= netstandard10
      System.Runtime (>= 4.3) - framework: >= netstandard10
    System.Reflection.Extensions (4.3) - framework: >= netstandard10
      Microsoft.NETCore.Platforms (>= 1.1) - framework: dnxcore50, >= netstandard10
      Microsoft.NETCore.Targets (>= 1.1) - framework: dnxcore50, >= netstandard10
      System.Reflection (>= 4.3) - framework: dnxcore50, >= netstandard10
      System.Runtime (>= 4.3) - framework: dnxcore50, >= netstandard10
    System.Reflection.Primitives (4.3) - framework: >= netstandard10
      Microsoft.NETCore.Platforms (>= 1.1) - framework: dnxcore50, >= netstandard10
      Microsoft.NETCore.Targets (>= 1.1) - framework: dnxcore50, >= netstandard10
      System.Runtime (>= 4.3) - framework: dnxcore50, >= netstandard10
    System.Reflection.TypeExtensions (4.4) - framework: >= netstandard13
      System.Reflection (>= 4.3) - framework: dnxcore50, netstandard13, netstandard15
      System.Resources.ResourceManager (>= 4.3) - framework: dnxcore50, netstandard13, netstandard15
      System.Runtime (>= 4.3) - framework: dnxcore50, netstandard13, netstandard15
    System.Resources.ResourceManager (4.3) - framework: >= netstandard10
      Microsoft.NETCore.Platforms (>= 1.1) - framework: dnxcore50, >= netstandard10
      Microsoft.NETCore.Targets (>= 1.1) - framework: dnxcore50, >= netstandard10
      System.Globalization (>= 4.3) - framework: dnxcore50, >= netstandard10
      System.Reflection (>= 4.3) - framework: dnxcore50, >= netstandard10
      System.Runtime (>= 4.3) - framework: dnxcore50, >= netstandard10
    System.Runtime (4.3) - framework: >= netstandard10
      Microsoft.NETCore.Platforms (>= 1.1) - framework: dnxcore50, netstandard10, netstandard12, netstandard13, >= netstandard15
      Microsoft.NETCore.Targets (>= 1.1) - framework: dnxcore50, netstandard10, netstandard12, netstandard13, >= netstandard15
    System.Runtime.Extensions (4.3) - framework: >= netstandard10
      Microsoft.NETCore.Platforms (>= 1.1) - framework: dnxcore50, netstandard10, netstandard13, >= netstandard15
      Microsoft.NETCore.Targets (>= 1.1) - framework: dnxcore50, netstandard10, netstandard13, >= netstandard15
      System.Runtime (>= 4.3) - framework: dnxcore50, netstandard10, netstandard13, >= netstandard15
    System.Runtime.Handles (4.3) - framework: >= netstandard13
      Microsoft.NETCore.Platforms (>= 1.1) - framework: >= netstandard13
      Microsoft.NETCore.Targets (>= 1.1) - framework: >= netstandard13
      System.Runtime (>= 4.3) - framework: >= netstandard13
    System.Runtime.InteropServices (4.3) - framework: >= netstandard11
      Microsoft.NETCore.Platforms (>= 1.1) - framework: dnxcore50, netstandard11, netstandard12, netstandard13, >= netstandard15
      Microsoft.NETCore.Targets (>= 1.1) - framework: dnxcore50, netstandard11, netstandard12, netstandard13, >= netstandard15
      System.Reflection (>= 4.3) - framework: dnxcore50, netstandard11, netstandard12, netstandard13, >= netstandard15
      System.Reflection.Primitives (>= 4.3) - framework: dnxcore50, netstandard11, netstandard12, netstandard13, >= netstandard15
      System.Runtime (>= 4.3) - framework: net462, >= net463, dnxcore50, netstandard11, netstandard12, netstandard13, >= netstandard15
      System.Runtime.Handles (>= 4.3) - framework: dnxcore50, netstandard13, >= netstandard15
    System.Runtime.InteropServices.RuntimeInformation (4.3) - framework: >= netstandard11
      runtime.native.System (>= 4.3) - framework: >= netstandard11
      System.Reflection (>= 4.3) - framework: dnxcore50, >= netstandard11
      System.Reflection.Extensions (>= 4.3) - framework: dnxcore50, >= netstandard11
      System.Resources.ResourceManager (>= 4.3) - framework: dnxcore50, >= netstandard11
      System.Runtime (>= 4.3) - framework: dnxcore50, >= netstandard11
      System.Runtime.InteropServices (>= 4.3) - framework: >= netstandard11
      System.Threading (>= 4.3) - framework: dnxcore50, >= netstandard11
    System.Runtime.InteropServices.WindowsRuntime (4.3) - framework: >= netstandard10
      System.Runtime (>= 4.3) - framework: dnxcore50, >= netstandard10
    System.Runtime.Numerics (4.3) - framework: >= netstandard11
      System.Globalization (>= 4.3) - framework: dnxcore50, >= netstandard13
      System.Resources.ResourceManager (>= 4.3) - framework: dnxcore50, >= netstandard13
      System.Runtime (>= 4.3) - framework: dnxcore50, netstandard11, >= netstandard13
      System.Runtime.Extensions (>= 4.3) - framework: dnxcore50, >= netstandard13
    System.Runtime.Serialization.Formatters (4.3) - framework: >= netstandard13
      System.Collections (>= 4.3) - framework: >= netstandard14
      System.Reflection (>= 4.3) - framework: >= netstandard14
      System.Resources.ResourceManager (>= 4.3) - framework: >= netstandard14
      System.Runtime (>= 4.3) - framework: >= netstandard13
      System.Runtime.Serialization.Primitives (>= 4.3) - framework: >= net46, >= netstandard13
    System.Runtime.Serialization.Primitives (4.3) - framework: netstandard10, >= netstandard13
      System.Resources.ResourceManager (>= 4.3) - framework: dnxcore50, >= netstandard13
      System.Runtime (>= 4.3) - framework: dnxcore50, netstandard10, >= netstandard13
    System.Security.Claims (4.3) - framework: >= netstandard16
      System.Collections (>= 4.3) - framework: >= netstandard13
      System.Globalization (>= 4.3) - framework: >= netstandard13
      System.IO (>= 4.3) - framework: >= netstandard13
      System.Resources.ResourceManager (>= 4.3) - framework: >= netstandard13
      System.Runtime (>= 4.3) - framework: >= netstandard13
      System.Runtime.Extensions (>= 4.3) - framework: >= netstandard13
      System.Security.Principal (>= 4.3) - framework: >= netstandard13
    System.Security.Cryptography.Algorithms (4.3) - framework: >= netstandard13
      Microsoft.NETCore.Platforms (>= 1.1) - framework: dnxcore50, >= netstandard16
      runtime.native.System.Security.Cryptography.Apple (>= 4.3) - framework: >= netstandard16
      runtime.native.System.Security.Cryptography.OpenSsl (>= 4.3) - framework: >= netstandard16
      System.Collections (>= 4.3) - framework: >= netstandard16
      System.IO (>= 4.3) - framework: >= net463, dnxcore50, netstandard13, netstandard14, >= netstandard16
      System.Resources.ResourceManager (>= 4.3) - framework: dnxcore50, >= netstandard16
      System.Runtime (>= 4.3) - framework: >= net463, dnxcore50, netstandard13, netstandard14, >= netstandard16
      System.Runtime.Extensions (>= 4.3) - framework: dnxcore50, >= netstandard16
      System.Runtime.Handles (>= 4.3) - framework: dnxcore50, >= netstandard16
      System.Runtime.InteropServices (>= 4.3) - framework: dnxcore50, >= netstandard16
      System.Runtime.Numerics (>= 4.3) - framework: >= netstandard16
      System.Security.Cryptography.Encoding (>= 4.3) - framework: >= net463, dnxcore50, >= netstandard16
      System.Security.Cryptography.Primitives (>= 4.3) - framework: net46, net461, >= net463, dnxcore50, netstandard13, netstandard14, >= netstandard16
      System.Text.Encoding (>= 4.3) - framework: dnxcore50, >= netstandard16
    System.Security.Cryptography.Cng (4.4) - framework: >= netstandard16
      System.IO (>= 4.3) - framework: netstandard13, netstandard14, >= netstandard16
      System.Resources.ResourceManager (>= 4.3) - framework: netstandard13, netstandard14, >= netstandard16
      System.Runtime (>= 4.3) - framework: netstandard13, netstandard14, >= netstandard16
      System.Runtime.Extensions (>= 4.3) - framework: netstandard14, >= netstandard16
      System.Runtime.Handles (>= 4.3) - framework: netstandard13, netstandard14, >= netstandard16
      System.Runtime.InteropServices (>= 4.3) - framework: netstandard13, netstandard14, >= netstandard16
      System.Security.Cryptography.Algorithms (>= 4.3) - framework: net46, netstandard13, netstandard14, >= netstandard16
      System.Security.Cryptography.Encoding (>= 4.3) - framework: netstandard14, >= netstandard16
      System.Security.Cryptography.Primitives (>= 4.3) - framework: net46, netstandard13, netstandard14, >= netstandard16
      System.Text.Encoding (>= 4.3) - framework: netstandard14, >= netstandard16
    System.Security.Cryptography.Csp (4.3) - framework: >= netstandard16
      Microsoft.NETCore.Platforms (>= 1.1) - framework: >= netstandard13
      System.IO (>= 4.3) - framework: >= netstandard13
      System.Reflection (>= 4.3) - framework: >= netstandard13
      System.Resources.ResourceManager (>= 4.3) - framework: >= netstandard13
      System.Runtime (>= 4.3) - framework: >= netstandard13
      System.Runtime.Extensions (>= 4.3) - framework: >= netstandard13
      System.Runtime.Handles (>= 4.3) - framework: >= netstandard13
      System.Runtime.InteropServices (>= 4.3) - framework: >= netstandard13
      System.Security.Cryptography.Algorithms (>= 4.3) - framework: >= net46, >= netstandard13
      System.Security.Cryptography.Encoding (>= 4.3) - framework: >= netstandard13
      System.Security.Cryptography.Primitives (>= 4.3) - framework: >= net46, >= netstandard13
      System.Text.Encoding (>= 4.3) - framework: >= netstandard13
      System.Threading (>= 4.3) - framework: >= netstandard13
    System.Security.Cryptography.Encoding (4.3) - framework: >= netstandard13
      Microsoft.NETCore.Platforms (>= 1.1) - framework: >= netstandard13
      runtime.native.System.Security.Cryptography.OpenSsl (>= 4.3) - framework: >= netstandard13
      System.Collections (>= 4.3) - framework: >= netstandard13
      System.Collections.Concurrent (>= 4.3) - framework: >= netstandard13
      System.Linq (>= 4.3) - framework: >= netstandard13
      System.Resources.ResourceManager (>= 4.3) - framework: >= netstandard13
      System.Runtime (>= 4.3) - framework: >= netstandard13
      System.Runtime.Extensions (>= 4.3) - framework: >= netstandard13
      System.Runtime.Handles (>= 4.3) - framework: >= netstandard13
      System.Runtime.InteropServices (>= 4.3) - framework: >= netstandard13
      System.Security.Cryptography.Primitives (>= 4.3) - framework: >= netstandard13
      System.Text.Encoding (>= 4.3) - framework: >= netstandard13
    System.Security.Cryptography.OpenSsl (4.4) - framework: >= netstandard16
      System.Collections (>= 4.3) - framework: >= netstandard16
      System.IO (>= 4.3) - framework: >= netstandard16
      System.Resources.ResourceManager (>= 4.3) - framework: >= netstandard16
      System.Runtime (>= 4.3) - framework: >= netstandard16
      System.Runtime.Extensions (>= 4.3) - framework: >= netstandard16
      System.Runtime.Handles (>= 4.3) - framework: >= netstandard16
      System.Runtime.InteropServices (>= 4.3) - framework: >= netstandard16
      System.Runtime.Numerics (>= 4.3) - framework: >= netstandard16
      System.Security.Cryptography.Algorithms (>= 4.3) - framework: >= netstandard16
      System.Security.Cryptography.Encoding (>= 4.3) - framework: >= netstandard16
      System.Security.Cryptography.Primitives (>= 4.3) - framework: >= netstandard16
      System.Text.Encoding (>= 4.3) - framework: >= netstandard16
    System.Security.Cryptography.Primitives (4.3) - framework: >= netstandard13
      System.Diagnostics.Debug (>= 4.3) - framework: >= netstandard13
      System.Globalization (>= 4.3) - framework: >= netstandard13
      System.IO (>= 4.3) - framework: >= netstandard13
      System.Resources.ResourceManager (>= 4.3) - framework: >= netstandard13
      System.Runtime (>= 4.3) - framework: >= netstandard13
      System.Threading (>= 4.3) - framework: >= netstandard13
      System.Threading.Tasks (>= 4.3) - framework: >= netstandard13
    System.Security.Cryptography.X509Certificates (4.3.1) - framework: >= netstandard13
      Microsoft.NETCore.Platforms (>= 1.1) - framework: dnxcore50, >= netstandard16
      runtime.native.System (>= 4.3) - framework: >= netstandard16
      runtime.native.System.Net.Http (>= 4.3) - framework: >= netstandard16
      runtime.native.System.Security.Cryptography.OpenSsl (>= 4.3.2) - framework: >= netstandard16
      System.Collections (>= 4.3) - framework: dnxcore50, >= netstandard16
      System.Diagnostics.Debug (>= 4.3) - framework: >= netstandard16
      System.Globalization (>= 4.3) - framework: dnxcore50, >= netstandard16
      System.Globalization.Calendars (>= 4.3) - framework: dnxcore50, >= netstandard16
      System.IO (>= 4.3) - framework: dnxcore50, >= netstandard16
      System.IO.FileSystem (>= 4.3) - framework: dnxcore50, >= netstandard16
      System.IO.FileSystem.Primitives (>= 4.3) - framework: >= netstandard16
      System.Resources.ResourceManager (>= 4.3) - framework: dnxcore50, >= netstandard16
      System.Runtime (>= 4.3) - framework: dnxcore50, netstandard13, netstandard14, >= netstandard16
      System.Runtime.Extensions (>= 4.3) - framework: dnxcore50, >= netstandard16
      System.Runtime.Handles (>= 4.3) - framework: dnxcore50, netstandard13, netstandard14, >= netstandard16
      System.Runtime.InteropServices (>= 4.3) - framework: dnxcore50, >= netstandard16
      System.Runtime.Numerics (>= 4.3) - framework: dnxcore50, >= netstandard16
      System.Security.Cryptography.Algorithms (>= 4.3) - framework: net46, >= net461, dnxcore50, netstandard13, netstandard14, >= netstandard16
      System.Security.Cryptography.Cng (>= 4.3) - framework: dnxcore50, >= netstandard16
      System.Security.Cryptography.Csp (>= 4.3) - framework: >= netstandard16
      System.Security.Cryptography.Encoding (>= 4.3) - framework: net46, >= net461, dnxcore50, netstandard13, netstandard14, >= netstandard16
      System.Security.Cryptography.OpenSsl (>= 4.3) - framework: >= netstandard16
      System.Security.Cryptography.Primitives (>= 4.3) - framework: dnxcore50, >= netstandard16
      System.Text.Encoding (>= 4.3) - framework: dnxcore50, >= netstandard16
      System.Threading (>= 4.3) - framework: dnxcore50, >= netstandard16
    System.Security.Principal (4.3) - framework: >= netstandard16
      System.Runtime (>= 4.3) - framework: dnxcore50, >= netstandard10
    System.Security.Principal.Windows (4.4) - framework: >= netstandard15
    System.Text.Encoding (4.3) - framework: >= netstandard10
      Microsoft.NETCore.Platforms (>= 1.1) - framework: dnxcore50, netstandard10, >= netstandard13
      Microsoft.NETCore.Targets (>= 1.1) - framework: dnxcore50, netstandard10, >= netstandard13
      System.Runtime (>= 4.3) - framework: dnxcore50, netstandard10, >= netstandard13
    System.Text.Encoding.Extensions (4.3) - framework: >= netstandard10
      Microsoft.NETCore.Platforms (>= 1.1) - framework: dnxcore50, netstandard10, >= netstandard13
      Microsoft.NETCore.Targets (>= 1.1) - framework: dnxcore50, netstandard10, >= netstandard13
      System.Runtime (>= 4.3) - framework: dnxcore50, netstandard10, >= netstandard13
      System.Text.Encoding (>= 4.3) - framework: dnxcore50, netstandard10, >= netstandard13
    System.Text.RegularExpressions (4.3) - framework: >= netstandard10
      System.Collections (>= 4.3) - framework: dnxcore50, >= netstandard16
      System.Globalization (>= 4.3) - framework: dnxcore50, >= netstandard16
      System.Resources.ResourceManager (>= 4.3) - framework: dnxcore50, >= netstandard16
      System.Runtime (>= 4.3) - framework: dnxcore50, netstandard10, netstandard13, >= netstandard16
      System.Runtime.Extensions (>= 4.3) - framework: dnxcore50, >= netstandard16
      System.Threading (>= 4.3) - framework: dnxcore50, >= netstandard16
    System.Threading (4.3) - framework: >= netstandard10
      System.Runtime (>= 4.3) - framework: dnxcore50, netstandard10, >= netstandard13
      System.Threading.Tasks (>= 4.3) - framework: dnxcore50, netstandard10, >= netstandard13
    System.Threading.Tasks (4.3) - framework: >= netstandard10
      Microsoft.NETCore.Platforms (>= 1.1) - framework: dnxcore50, netstandard10, >= netstandard13
      Microsoft.NETCore.Targets (>= 1.1) - framework: dnxcore50, netstandard10, >= netstandard13
      System.Runtime (>= 4.3) - framework: dnxcore50, netstandard10, >= netstandard13
    System.Threading.Tasks.Extensions (4.4) - framework: >= netstandard13
    System.Threading.Thread (4.3) - framework: >= netstandard15, netcore10
      System.Runtime (>= 4.3) - framework: >= netstandard13
    System.Threading.ThreadPool (4.3) - framework: >= netstandard16, netcore10
    System.Threading.Timer (4.3) - framework: >= netstandard12
      Microsoft.NETCore.Platforms (>= 1.1) - framework: dnxcore50, >= netstandard12
      Microsoft.NETCore.Targets (>= 1.1) - framework: dnxcore50, >= netstandard12
      System.Runtime (>= 4.3) - framework: dnxcore50, >= netstandard12
    System.Xml.ReaderWriter (4.3) - framework: >= netstandard10
      System.Collections (>= 4.3) - framework: dnxcore50, >= netstandard13
      System.Diagnostics.Debug (>= 4.3) - framework: dnxcore50, >= netstandard13
      System.Globalization (>= 4.3) - framework: dnxcore50, >= netstandard13
      System.IO (>= 4.3) - framework: dnxcore50, netstandard10, >= netstandard13
      System.IO.FileSystem (>= 4.3) - framework: dnxcore50, >= netstandard13
      System.IO.FileSystem.Primitives (>= 4.3) - framework: dnxcore50, >= netstandard13
      System.Resources.ResourceManager (>= 4.3) - framework: dnxcore50, >= netstandard13
      System.Runtime (>= 4.3) - framework: dnxcore50, netstandard10, >= netstandard13
      System.Runtime.Extensions (>= 4.3) - framework: dnxcore50, >= netstandard13
      System.Runtime.InteropServices (>= 4.3) - framework: dnxcore50, >= netstandard13
      System.Text.Encoding (>= 4.3) - framework: dnxcore50, netstandard10, >= netstandard13
      System.Text.Encoding.Extensions (>= 4.3) - framework: dnxcore50, >= netstandard13
      System.Text.RegularExpressions (>= 4.3) - framework: dnxcore50, >= netstandard13
      System.Threading.Tasks (>= 4.3) - framework: dnxcore50, netstandard10, >= netstandard13
      System.Threading.Tasks.Extensions (>= 4.3) - framework: dnxcore50, >= netstandard13
    System.Xml.XDocument (4.3) - framework: >= netstandard10
      System.Collections (>= 4.3) - framework: dnxcore50, >= netstandard13
      System.Diagnostics.Debug (>= 4.3) - framework: dnxcore50, >= netstandard13
      System.Diagnostics.Tools (>= 4.3) - framework: dnxcore50, >= netstandard13
      System.Globalization (>= 4.3) - framework: dnxcore50, >= netstandard13
      System.IO (>= 4.3) - framework: dnxcore50, netstandard10, >= netstandard13
      System.Reflection (>= 4.3) - framework: dnxcore50, >= netstandard13
      System.Resources.ResourceManager (>= 4.3) - framework: dnxcore50, >= netstandard13
      System.Runtime (>= 4.3) - framework: dnxcore50, netstandard10, >= netstandard13
      System.Runtime.Extensions (>= 4.3) - framework: dnxcore50, >= netstandard13
      System.Text.Encoding (>= 4.3) - framework: dnxcore50, >= netstandard13
      System.Threading (>= 4.3) - framework: dnxcore50, >= netstandard13
      System.Xml.ReaderWriter (>= 4.3) - framework: dnxcore50, netstandard10, >= netstandard13
    System.Xml.XmlDocument (4.3) - framework: >= netstandard13
      System.Collections (>= 4.3) - framework: >= netstandard13
      System.Diagnostics.Debug (>= 4.3) - framework: >= netstandard13
      System.Globalization (>= 4.3) - framework: >= netstandard13
      System.IO (>= 4.3) - framework: >= netstandard13
      System.Resources.ResourceManager (>= 4.3) - framework: >= netstandard13
      System.Runtime (>= 4.3) - framework: >= netstandard13
      System.Runtime.Extensions (>= 4.3) - framework: >= netstandard13
      System.Text.Encoding (>= 4.3) - framework: >= netstandard13
      System.Threading (>= 4.3) - framework: >= netstandard13
      System.Xml.ReaderWriter (>= 4.3) - framework: >= netstandard13
    xunit (2.3)
      xunit.analyzers (>= 0.7)
      xunit.assert (2.3)
      xunit.core (2.3)
    xunit.abstractions (2.0.1)
      NETStandard.Library (>= 1.6) - framework: >= netstandard10
    xunit.analyzers (0.7)
    xunit.assert (2.3)
      NETStandard.Library (>= 1.6.1) - framework: >= netstandard11
    xunit.core (2.3)
      xunit.extensibility.core (2.3)
      xunit.extensibility.execution (2.3)
    xunit.extensibility.core (2.3)
      NETStandard.Library (>= 1.6.1) - framework: >= netstandard11
      xunit.abstractions (>= 2.0.1) - framework: >= net452, >= netstandard11
    xunit.extensibility.execution (2.3)
      NETStandard.Library (>= 1.6.1) - framework: >= netstandard11
      xunit.extensibility.core (2.3) - framework: >= net452, >= netstandard11
    xunit.runner.console (2.3)
    xunit.runner.visualstudio (2.3.0) - version_in_path: true
      Microsoft.DotNet.InternalAbstractions (>= 1.0) - framework: netcore10
      Microsoft.Extensions.DependencyModel (>= 1.0) - framework: netcore10
      Microsoft.NET.Test.Sdk (>= 15.0) - framework: netcore10
